GEM
  remote: http://rubygems.org/
  specs:
    rake (12.3.3)
    redis (2.0.3)

PLATFORMS
  ruby

DEPENDENCIES
  rake
  redis
