GEM
  remote: http://rubygems.org/
  specs:
    rake (0.8.7)
    redis (2.0.3)

PLATFORMS
  ruby

DEPENDENCIES
  rake
  redis
